PATH
  remote: .
  specs:
    chicanery (0.1.8)
      colorize (~> 0)
      nokogiri (~> 1)

GEM
  remote: https://rubygems.org/
  specs:
    addressable (2.3.6)
    colorize (0.7.3)
    crack (0.4.2)
      safe_yaml (~> 1.0.0)
    diff-lcs (1.2.5)
    docile (1.1.5)
    mini_portile (0.6.0)
    multi_json (1.10.1)
    nokogiri (1.6.3.1)
      mini_portile (= 0.6.0)
    rake (0.9.6)
    rspec (2.99.0)
      rspec-core (~> 2.99.0)
      rspec-expectations (~> 2.99.0)
      rspec-mocks (~> 2.99.0)
    rspec-core (2.99.1)
    rspec-expectations (2.99.2)
      diff-lcs (>= 1.1.3, < 2.0)
    rspec-mocks (2.99.2)
    safe_yaml (1.0.3)
    simplecov (0.9.0)
      docile (~> 1.1.0)
      multi_json
      simplecov-html (~> 0.8.0)
    simplecov-gem-adapter (1.0.1)
      simplecov
    simplecov-html (0.8.0)
    vcr (2.9.2)
    webmock (1.9.3)
      addressable (>= 2.2.7)
      crack (>= 0.3.2)

PLATFORMS
  ruby

DEPENDENCIES
  chicanery!
  rake (~> 0)
  rspec (~> 2)
  simplecov
  simplecov-gem-adapter
  vcr
  webmock (< 1.10)
